GEM
  remote: https://rubygems.org/
  specs:
    builder (3.2.2)
    ci_reporter (1.9.3)
      builder (>= 2.1.2)
    json (1.8.1)
    log4r (1.1.10)
    power_assert (0.1.4)
    rake (10.3.2)
    rdoc (4.1.2)
      json (~> 1.4)
    test-unit (3.0.1)
      power_assert
    tokyocabinet (1.29.1)
    zookeeper (1.4.9)

PLATFORMS
  ruby

DEPENDENCIES
  ci_reporter (= 1.9.3)
  log4r
  rake
  rdoc
  test-unit
  tokyocabinet (>= 1.29)
  zookeeper (>= 1.2.6)
