GEM
  remote: https://rubygems.org/
  specs:
    builder (3.2.3)
    ci_reporter (2.0.0)
      builder (>= 2.1.2)
    ci_reporter_test_unit (1.0.1)
      ci_reporter (~> 2.0)
      test-unit (>= 2.5.5, < 4.0)
    json (1.8.6)
    log4r (1.1.10)
    power_assert (1.0.1)
    rake (10.5.0)
    rdoc (4.2.2)
      json (~> 1.4)
    test-unit (3.2.3)
      power_assert
    tokyocabinet (1.32.0)
    zookeeper (1.4.11)

PLATFORMS
  ruby

DEPENDENCIES
  ci_reporter_test_unit
  log4r
  rake
  rdoc
  test-unit
  tokyocabinet (>= 1.29)
  zookeeper (>= 1.2.6)
