GEM
  remote: https://rubygems.org/
  specs:
    builder (3.2.2)
    ci_reporter (2.0.0)
      builder (>= 2.1.2)
    ci_reporter_test_unit (1.0.0)
      ci_reporter (~> 2.0)
      test-unit (~> 2.5.5)
    json (1.8.1)
    log4r (1.1.10)
    rdoc (4.1.2)
      json (~> 1.4)
    test-unit (2.5.5)
    tokyocabinet (1.29.1)
    zookeeper (1.4.9)

PLATFORMS
  ruby

DEPENDENCIES
  ci_reporter_test_unit (>= 1.0.0)
  log4r
  rdoc
  tokyocabinet (>= 1.29)
  zookeeper (>= 1.2.6)
