GEM
  remote: https://rubygems.org/
  specs:
    builder (3.2.4)
    ci_reporter (1.9.3)
      builder (>= 2.1.2)
    log4r (1.1.10)
    power_assert (2.0.3)
    psych (5.1.0)
      stringio
    rake (13.0.6)
    rdoc (6.5.0)
      psych (>= 4.0.0)
    stringio (3.0.8)
    test-unit (3.6.1)
      power_assert
    tokyocabinet (1.32.0)
    zookeeper (1.5.5)

PLATFORMS
  x86_64-linux

DEPENDENCIES
  ci_reporter (= 1.9.3)
  log4r
  rake
  rdoc
  test-unit
  tokyocabinet (>= 1.29)
  zookeeper (>= 1.2.6)

BUNDLED WITH
   2.3.26
