GEM
  remote: https://rubygems.org/
  specs:
    builder (3.2.3)
    ci_reporter (1.9.3)
      builder (>= 2.1.2)
    log4r (1.1.10)
    power_assert (1.1.3)
    rake (12.3.2)
    rdoc (6.1.1)
    test-unit (3.3.0)
      power_assert
    tokyocabinet (1.32.0)
    zookeeper (1.4.11)

PLATFORMS
  ruby

DEPENDENCIES
  ci_reporter (= 1.9.3)
  log4r
  rake
  rdoc
  test-unit
  tokyocabinet (>= 1.29)
  zookeeper (>= 1.2.6)
